PATH
  remote: .
  specs:
    ab_switcher (0.2.0)
      nishisuke_array (~> 0.1)

GEM
  remote: https://rubygems.org/
  specs:
    minitest (5.11.3)
    nishisuke_array (0.1.1)
    rake (10.5.0)

PLATFORMS
  ruby

DEPENDENCIES
  ab_switcher!
  bundler (~> 1.16)
  minitest (~> 5.0)
  rake (~> 10.0)

BUNDLED WITH
   1.16.1
